GEM
  remote: https://rubygems.org/
  specs:
    byebug (11.1.3)
    minitest (5.25.2)

PLATFORMS
  arm64-darwin-23
  ruby

DEPENDENCIES
  byebug
  minitest

BUNDLED WITH
   2.5.20
