GEM
  remote: https://rubygems.org/
  specs:
    byebug (11.1.3)
    minitest (5.20.0)

PLATFORMS
  x86_64-darwin-21

DEPENDENCIES
  byebug
  minitest

BUNDLED WITH
   2.4.14
